GEM
  remote: http://rubygems.org/
  specs:
    docsplit (0.7.5)

PLATFORMS
  ruby

DEPENDENCIES
  docsplit (= 0.7.5)
