GEM
  remote: http://rubygems.org/
  specs:
    docsplit (0.6.3)

PLATFORMS
  ruby

DEPENDENCIES
  docsplit (= 0.6.3)
